GEM
  remote: http://rubygems.org/
  specs:
    nio4r (2.5.7)
    puma (4.3.8)
      nio4r (~> 2.0)
    rack (1.6.13)
    rack-protection (1.5.5)
      rack
    sinatra (1.4.7)
      rack (~> 1.5)
      rack-protection (~> 1.4)
      tilt (>= 1.3, < 3)
    tilt (2.0.2)

PLATFORMS
  ruby

DEPENDENCIES
  puma
  sinatra

BUNDLED WITH
   2.1.4
